GEM
  remote: http://rubygems.org/
  specs:
    haml (3.0.25)
    rack (1.6.13)
    sinatra (1.2.2)
      rack (~> 1.1)
      tilt (>= 1.2.2, < 2.0)
    tilt (1.2.2)

PLATFORMS
  ruby

DEPENDENCIES
  haml
  sinatra
